PATH
  remote: .
  specs:
    market_data (0.1.0)

GEM
  remote: https://rubygems.org/
  specs:
    minitest (5.16.3)
    rake (13.0.6)

PLATFORMS
  arm64-darwin-23

DEPENDENCIES
  market_data!
  minitest (~> 5.0)
  rake (~> 13.0)

BUNDLED WITH
   2.4.1
